GEM
  remote: https://rubygems.org/
  specs:
    ansi (1.5.0)
    ast (2.4.2)
    backport (1.2.0)
    benchmark (0.1.1)
    benchmark-ips (2.9.1)
    builder (3.2.4)
    codecov (0.6.0)
      simplecov (>= 0.15, < 0.22)
    concurrent-ruby (1.1.9)
    debase (0.2.4.1)
      debase-ruby_core_source (>= 0.10.2)
    debase-ruby_core_source (0.10.12)
    diff-lcs (1.4.4)
    docile (1.4.0)
    e2mmap (0.1.0)
    ffi (1.15.4)
    i18n (1.8.10)
      concurrent-ruby (~> 1.0)
    jaro_winkler (1.5.4)
    kalibera (0.1.1)
      memoist (~> 0.11.0)
      rbzip2 (~> 0.2.0)
    kramdown (2.3.1)
      rexml
    kramdown-parser-gfm (1.1.0)
      kramdown (~> 2.0)
    listen (3.7.0)
      rb-fsevent (~> 0.10, >= 0.10.3)
      rb-inotify (~> 0.9, >= 0.9.10)
    memoist (0.11.0)
    memory_profiler (1.0.0)
    minitest (5.14.4)
    minitest-reporters (1.4.3)
      ansi
      builder
      minitest (>= 5.0)
      ruby-progressbar
    multi_json (1.15.0)
    mustermann (1.1.1)
      ruby2_keywords (~> 0.0.1)
    nio4r (2.5.8)
    nokogiri (1.12.4-x86_64-linux)
      racc (~> 1.4)
    oj (3.13.7)
    parallel (1.21.0)
    parser (3.0.2.0)
      ast (~> 2.4.1)
    puma (5.5.0)
      nio4r (~> 2.0)
    racc (1.5.2)
    rack (2.2.3)
    rack-protection (2.1.0)
      rack
    rainbow (3.0.0)
    rake (13.0.6)
    rake-manifest (0.2.1)
    rb-fsevent (0.11.0)
    rb-inotify (0.10.1)
      ffi (~> 1.0)
    rbzip2 (0.2.0)
    regexp_parser (2.1.1)
    rematch (1.3.1)
    rerun (0.13.1)
      listen (~> 3.0)
    reverse_markdown (2.0.0)
      nokogiri
    rexml (3.2.5)
    rubocop (1.21.0)
      parallel (~> 1.10)
      parser (>= 3.0.0.0)
      rainbow (>= 2.2.2, < 4.0)
      regexp_parser (>= 1.8, < 3.0)
      rexml
      rubocop-ast (>= 1.9.1, < 2.0)
      ruby-progressbar (~> 1.7)
      unicode-display_width (>= 1.4.0, < 3.0)
    rubocop-ast (1.11.0)
      parser (>= 3.0.1.1)
    rubocop-minitest (0.15.0)
      rubocop (>= 0.90, < 2.0)
    rubocop-packaging (0.5.1)
      rubocop (>= 0.89, < 2.0)
    rubocop-performance (1.11.5)
      rubocop (>= 1.7.0, < 2.0)
      rubocop-ast (>= 0.4.0)
    rubocop-rake (0.6.0)
      rubocop (~> 1.0)
    ruby-debug-ide (0.7.3)
      rake (>= 0.8.1)
    ruby-progressbar (1.11.0)
    ruby2_keywords (0.0.5)
    simplecov (0.21.2)
      docile (~> 1.1)
      simplecov-html (~> 0.11)
      simplecov_json_formatter (~> 0.1)
    simplecov-html (0.12.3)
    simplecov_json_formatter (0.1.3)
    sinatra (2.1.0)
      mustermann (~> 1.0)
      rack (~> 2.2)
      rack-protection (= 2.1.0)
      tilt (~> 2.0)
    sinatra-contrib (2.1.0)
      multi_json
      mustermann (~> 1.0)
      rack-protection (= 2.1.0)
      sinatra (= 2.1.0)
      tilt (~> 2.0)
    solargraph (0.43.1)
      backport (~> 1.2)
      benchmark
      bundler (>= 1.17.2)
      diff-lcs (~> 1.4)
      e2mmap
      jaro_winkler (~> 1.5)
      kramdown (~> 2.3)
      kramdown-parser-gfm (~> 1.1)
      parser (~> 3.0)
      reverse_markdown (>= 1.0.5, < 3)
      rubocop (>= 0.52)
      thor (~> 1.0)
      tilt (~> 2.0)
      yard (~> 0.9, >= 0.9.24)
    thor (1.1.0)
    tilt (2.0.10)
    unicode-display_width (2.1.0)
    yard (0.9.26)

PLATFORMS
  x86_64-linux

DEPENDENCIES
  benchmark-ips
  codecov
  debase
  i18n
  kalibera
  memory_profiler
  minitest
  minitest-reporters
  oj
  puma
  rack
  rake
  rake-manifest
  rematch
  rerun
  rubocop
  rubocop-minitest
  rubocop-packaging
  rubocop-performance
  rubocop-rake
  ruby-debug-ide
  simplecov
  sinatra
  sinatra-contrib
  solargraph

BUNDLED WITH
   2.2.15
